PATH
  remote: .
  specs:
    aws-cleanup (1.0.1)
      aws-sdk

GEM
  remote: https://rubygems.org/
  specs:
    aws-sdk (2.9.16)
      aws-sdk-resources (= 2.9.16)
    aws-sdk-core (2.9.16)
      aws-sigv4 (~> 1.0)
      jmespath (~> 1.0)
    aws-sdk-resources (2.9.16)
      aws-sdk-core (= 2.9.16)
    aws-sigv4 (1.0.0)
    diff-lcs (1.3)
    jmespath (1.3.1)
    rake (10.5.0)
    rspec (3.6.0)
      rspec-core (~> 3.6.0)
      rspec-expectations (~> 3.6.0)
      rspec-mocks (~> 3.6.0)
    rspec-core (3.6.0)
      rspec-support (~> 3.6.0)
    rspec-expectations (3.6.0)
      diff-lcs (>= 1.2.0, < 2.0)
      rspec-support (~> 3.6.0)
    rspec-mocks (3.6.0)
      diff-lcs (>= 1.2.0, < 2.0)
      rspec-support (~> 3.6.0)
    rspec-support (3.6.0)

PLATFORMS
  ruby

DEPENDENCIES
  aws-cleanup!
  bundler (~> 1.13)
  rake (~> 10.0)
  rspec (~> 3.0)

BUNDLED WITH
   1.13.3
